GEM
  remote: https://rubygems.org/
  specs:
    domain_name (0.5.20170404)
      unf (>= 0.0.5, < 1.0.0)
    http-cookie (1.0.3)
      domain_name (~> 0.5)
    ipaddress (0.8.3)
    mail (2.6.4)
      mime-types (>= 1.16, < 4)
    mime-types (3.1)
      mime-types-data (~> 3.2015)
    mime-types-data (3.2016.0521)
    net-ping (2.0.1)
    netrc (0.11.0)
    pony (1.11)
      mail (>= 2.0)
    redis (3.3.2)
    rest-client (2.0.1)
      http-cookie (>= 1.0.2, < 2.0)
      mime-types (>= 1.16, < 4.0)
      netrc (~> 0.8)
    unf (0.1.4)
      unf_ext
    unf_ext (0.0.7.2)

PLATFORMS
  ruby

DEPENDENCIES
  ipaddress (= 0.8.3)
  net-ping (= 2.0.1)
  pony (= 1.11)
  redis (= 3.3.2)
  rest-client

BUNDLED WITH
   1.12.5
